GEM
  remote: https://rubygems.org/
  specs:
    coderay (1.0.9)
    ffi (1.6.0)
    formatador (0.2.4)
    growl (1.0.3)
    guard (1.7.0)
      formatador (>= 0.2.4)
      listen (>= 0.6.0)
      lumberjack (>= 1.0.2)
      pry (>= 0.9.10)
      thor (>= 0.14.6)
    guard-bundler (1.0.0)
      bundler (~> 1.0)
      guard (~> 1.1)
    guard-phpcs (0.0.4)
      guard (>= 0.8.8)
    guard-phpunit (0.1.4)
      guard (~> 1.1)
    listen (0.7.3)
    lumberjack (1.0.3)
    method_source (0.8.1)
    pry (0.9.12)
      coderay (~> 1.0.5)
      method_source (~> 0.8)
      slop (~> 3.4)
    rack (1.5.2)
    rack-legacy (0.3.5)
      rack
    rack-rewrite (1.3.3)
    rake (10.0.4)
    rb-fsevent (0.9.3)
    rb-inotify (0.9.0)
      ffi (>= 0.5.0)
    slop (3.4.4)
    terminal-notifier-guard (1.5.3)
    thor (0.18.0)

PLATFORMS
  ruby

DEPENDENCIES
  growl
  guard
  guard-bundler
  guard-phpcs
  guard-phpunit
  pry
  rack-legacy
  rack-rewrite
  rake
  rb-fsevent
  rb-inotify
  terminal-notifier-guard
